PATH
  remote: .
  specs:
    rails-erd (1.2.2)
      activerecord (~> 4.2)
      activesupport (~> 4.2)
      choice (~> 0.1.6)
      ruby-graphviz (~> 1.0.4)

GEM
  remote: http://rubygems.org/
  specs:
    activemodel (4.2.0)
      activesupport (= 4.2.0)
      builder (~> 3.1)
    activerecord (4.2.0)
      activemodel (= 4.2.0)
      activesupport (= 4.2.0)
      arel (~> 6.0)
    activerecord-jdbc-adapter (1.3.13)
      activerecord (>= 2.2)
    activerecord-jdbcsqlite3-adapter (1.3.13)
      activerecord-jdbc-adapter (~> 1.3.13)
      jdbc-sqlite3 (>= 3.7.2, < 3.9)
    activesupport (4.2.0)
      i18n (~> 0.7)
      json (~> 1.7, >= 1.7.7)
      minitest (~> 5.1)
      thread_safe (~> 0.3, >= 0.3.4)
      tzinfo (~> 1.1)
    arel (6.0.0)
    builder (3.2.2)
    choice (0.1.7)
    i18n (0.7.0)
    jdbc-sqlite3 (3.8.7)
    jruby-openssl (0.9.6-java)
    json (1.8.2)
    json (1.8.2-java)
    minitest (5.5.1)
    rake (10.4.2)
    redcarpet (3.2.2)
    ruby-graphviz (1.0.9)
    sqlite3 (1.3.10)
    thread_safe (0.3.4)
    thread_safe (0.3.4-java)
    tzinfo (1.2.2)
      thread_safe (~> 0.1)
    yard (0.8.7.6)

PLATFORMS
  java
  ruby

DEPENDENCIES
  activerecord-jdbcsqlite3-adapter
  jruby-openssl
  rails-erd!
  rake
  redcarpet
  sqlite3
  yard
