GIT
  remote: git://github.com/rails/rails.git
  revision: 51278579477eb7ee20fe2aba53b4b13203791b22
  specs:
    activemodel (4.2.0.beta2)
      activesupport (= 4.2.0.beta2)
      builder (~> 3.1)
    activerecord (4.2.0.beta2)
      activemodel (= 4.2.0.beta2)
      activesupport (= 4.2.0.beta2)
      arel (>= 6.0.0.beta1, < 6.1)
    activesupport (4.2.0.beta2)
      i18n (>= 0.7.0.beta1, < 0.8)
      json (~> 1.7, >= 1.7.7)
      minitest (~> 5.1)
      thread_safe (~> 0.1)
      tzinfo (~> 1.1)

PATH
  remote: .
  specs:
    rails-erd (1.1.0)
      activerecord (>= 3.0)
      activesupport (>= 3.0)
      choice (~> 0.1.6)
      ruby-graphviz (~> 1.0.4)

GEM
  remote: http://rubygems.org/
  specs:
    activerecord-jdbc-adapter (1.2.5)
    activerecord-jdbcsqlite3-adapter (1.2.5)
      activerecord-jdbc-adapter (~> 1.2.5)
      jdbc-sqlite3 (~> 3.7.2)
    arel (6.0.0.beta1)
    bouncy-castle-java (1.5.0146.1)
    builder (3.2.2)
    choice (0.1.6)
    i18n (0.7.0.beta1)
    jdbc-sqlite3 (3.7.2)
    jruby-openssl (0.8.2)
      bouncy-castle-java (>= 1.5.0146.1)
    json (1.8.1)
    json (1.8.1-java)
    minitest (5.4.2)
    rake (10.0.3)
    redcarpet (2.2.2)
    ruby-graphviz (1.0.8)
    sqlite3 (1.3.7)
    thread_safe (0.3.4)
    thread_safe (0.3.4-java)
    tzinfo (1.2.2)
      thread_safe (~> 0.1)
    yard (0.8.3)

PLATFORMS
  java
  ruby

DEPENDENCIES
  activerecord (= 4.2.0.beta2)!
  activerecord-jdbcsqlite3-adapter
  jruby-openssl
  rails-erd!
  rake
  redcarpet
  sqlite3
  yard
